PATH
  remote: .
  specs:
    iqeo-conf (0.0.14)

GEM
  remote: https://rubygems.org/
  specs:
    diff-lcs (1.1.3)
    json (1.7.1)
    rake (0.9.2.2)
    rdoc (3.12)
      json (~> 1.4)
    redcarpet (2.1.1)
    rspec (2.10.0)
      rspec-core (~> 2.10.0)
      rspec-expectations (~> 2.10.0)
      rspec-mocks (~> 2.10.0)
    rspec-core (2.10.0)
    rspec-expectations (2.10.0)
      diff-lcs (~> 1.1.3)
    rspec-mocks (2.10.1)
    yard (0.8.1)

PLATFORMS
  ruby

DEPENDENCIES
  iqeo-conf!
  rake (~> 0.9.2)
  rdoc (~> 3.12.0)
  redcarpet (~> 2.1.1)
  rspec (~> 2.10.0)
  yard (~> 0.8.1)
