PATH
  remote: .
  specs:
    iqeo-conf (0.0.1)

GEM
  remote: https://rubygems.org/
  specs:

PLATFORMS
  ruby

DEPENDENCIES
  iqeo-conf!
